GEM
  specs:
    adsf (1.2.1)
      rack (>= 1.0.0)
    colored (1.2)
    concurrent-ruby (1.0.2)
    cri (2.7.0)
      colored (~> 1.2)
    hamster (3.0.0)
      concurrent-ruby (~> 1.0)
    kramdown (1.12.0)
    nanoc (4.2.4)
      cri (~> 2.3)
      hamster (~> 3.0)
      ref (~> 2.0)
    rack (2.0.1)
    ref (2.0.0)

PLATFORMS
  ruby

DEPENDENCIES
  adsf
  kramdown
  nanoc

BUNDLED WITH
   1.11.2
